GEM
  remote: https://rubygems.org/
  specs:
    activesupport (3.2.13)
      i18n (= 0.6.1)
      multi_json (~> 1.0)
    chunky_png (1.2.8)
    compass (0.12.2)
      chunky_png (~> 1.2)
      fssm (>= 0.2.7)
      sass (~> 3.1)
    fssm (0.2.10)
    i18n (0.6.1)
    multi_json (1.7.4)
    rack (1.5.2)
    rack-test (0.6.2)
      rack (>= 1.0)
    sass (3.2.9)
    sass-globbing (1.1.0)
      sass (>= 3.1)
    serve (1.5.2)
      activesupport (~> 3.2.12)
      i18n
      rack (~> 1.5.2)
      rack-test (~> 0.6.2)
      tilt (~> 1.3.3)
      tzinfo
    susy (1.0.8)
      compass (>= 0.12.2)
      sass (>= 3.2.0)
    tilt (1.3.7)
    tzinfo (0.3.37)

PLATFORMS
  ruby

DEPENDENCIES
  compass
  sass-globbing
  serve (= 1.5.2)
  susy
